STORAGE: NONE
RESTRICTION: == net8.0
NUGET
  remote: https://api.nuget.org/v3/index.json
    Azure.Core (1.37)
      Microsoft.Bcl.AsyncInterfaces (>= 1.1.1)
      System.Diagnostics.DiagnosticSource (>= 6.0.1)
      System.Memory.Data (>= 1.0.2)
      System.Numerics.Vectors (>= 4.5)
      System.Text.Encodings.Web (>= 4.7.2)
      System.Text.Json (>= 4.7.2)
      System.Threading.Tasks.Extensions (>= 4.5.4)
    Azure.Identity (1.10.4)
      Azure.Core (>= 1.36)
      Microsoft.Identity.Client (>= 4.56)
      Microsoft.Identity.Client.Extensions.Msal (>= 4.56)
      System.Memory (>= 4.5.4)
      System.Security.Cryptography.ProtectedData (>= 4.7)
      System.Text.Json (>= 4.7.2)
      System.Threading.Tasks.Extensions (>= 4.5.4)
    Azure.Security.KeyVault.Certificates (4.5.1)
      Azure.Core (>= 1.30)
      System.Memory (>= 4.5.4)
      System.Text.Json (>= 4.7.2)
      System.Threading.Tasks.Extensions (>= 4.5.4)
    Azure.Security.KeyVault.Secrets (4.5)
      Azure.Core (>= 1.30)
      System.Memory (>= 4.5.4)
      System.Text.Json (>= 4.7.2)
      System.Threading.Tasks.Extensions (>= 4.5.4)
    Expecto (9.0.4)
      FSharp.Core (>= 4.6)
      Mono.Cecil (>= 0.11.3)
    Fable.AST (4.3)
    Fable.Browser.Blob (1.3)
      Fable.Core (>= 3.0)
      FSharp.Core (>= 4.7.2)
    Fable.Browser.Dom (2.14)
      Fable.Browser.Blob (>= 1.3)
      Fable.Browser.Event (>= 1.5)
      Fable.Browser.WebStorage (>= 1.2)
      Fable.Core (>= 3.2.8)
      FSharp.Core (>= 4.7.2)
    Fable.Browser.Event (1.5)
      Fable.Browser.Gamepad (>= 1.1)
      Fable.Core (>= 3.0)
      FSharp.Core (>= 4.7.2)
    Fable.Browser.Gamepad (1.2)
      Fable.Core (>= 3.0)
      FSharp.Core (>= 4.7.2)
    Fable.Browser.WebStorage (1.2)
      Fable.Browser.Event (>= 1.5)
      Fable.Core (>= 3.0)
      FSharp.Core (>= 4.7.2)
    Fable.Browser.XMLHttpRequest (1.3)
      Fable.Browser.Blob (>= 1.3)
      Fable.Browser.Event (>= 1.5)
      Fable.Core (>= 3.0)
      FSharp.Core (>= 4.7.2)
    Fable.Core (4.2)
    Fable.Elmish (4.1)
      Fable.Core (>= 3.7.1)
      FSharp.Core (>= 4.7.2)
    Fable.Elmish.Debugger (4.0)
      Fable.Elmish (>= 4.0)
      FSharp.Core (>= 6.0.7)
      Thoth.Json (>= 6.0)
    Fable.Elmish.HMR (7.0)
      Fable.Core (>= 3.7.1)
      Fable.Elmish.React (>= 4.0)
      FSharp.Core (>= 4.7.2)
    Fable.Elmish.React (4.0)
      Fable.Elmish (>= 4.0)
      Fable.ReactDom.Types (>= 18.0)
      FSharp.Core (>= 4.7.2)
    Fable.Mocha (2.17)
      Fable.Core (>= 3.0)
      FSharp.Core (>= 4.7)
    Fable.Parsimmon (4.1)
      Fable.Core (>= 3.0)
      FSharp.Core (>= 4.6.2)
    Fable.React.Types (18.3)
      Fable.Browser.Dom (>= 2.4.4)
      Fable.Core (>= 3.2.7)
      FSharp.Core (>= 4.7.2)
    Fable.ReactDom.Types (18.2)
      Fable.React.Types (>= 18.3)
      FSharp.Core (>= 4.7.2)
    Fable.Remoting.Client (7.29)
      Fable.Browser.XMLHttpRequest (>= 1.0)
      Fable.Core (>= 3.1.5)
      Fable.Remoting.MsgPack (>= 1.21)
      Fable.SimpleJson (>= 3.24)
      FSharp.Core (>= 4.7.2)
    Fable.Remoting.Giraffe (5.17)
      Fable.Remoting.Server (>= 5.35)
      FSharp.Core (>= 6.0)
      Giraffe (>= 5.0)
      Microsoft.IO.RecyclableMemoryStream (>= 2.2)
    Fable.Remoting.Json (2.23)
      FSharp.Core (>= 6.0)
      Newtonsoft.Json (>= 12.0.2)
    Fable.Remoting.MsgPack (1.21)
      FSharp.Core (>= 4.7.2)
    Fable.Remoting.Server (5.35)
      Fable.Remoting.Json (>= 2.23)
      Fable.Remoting.MsgPack (>= 1.21)
      FSharp.Core (>= 6.0)
      Microsoft.IO.RecyclableMemoryStream (>= 2.2)
    Fable.SimpleJson (3.24)
      Fable.Core (>= 3.1.5)
      Fable.Parsimmon (>= 4.0)
      FSharp.Core (>= 4.7)
    Fake.Core.CommandLineParsing (6.0)
      FParsec (>= 1.1.1)
      FSharp.Core (>= 6.0.3)
    Fake.Core.Context (6.0)
      FSharp.Core (>= 6.0.3)
    Fake.Core.Environment (6.0)
      FSharp.Core (>= 6.0.3)
    Fake.Core.FakeVar (6.0)
      Fake.Core.Context (>= 6.0)
      FSharp.Core (>= 6.0.3)
    Fake.Core.Process (5.23.1)
      Fake.Core.Environment (>= 5.23.1)
      Fake.Core.FakeVar (>= 5.23.1)
      Fake.Core.String (>= 5.23.1)
      Fake.Core.Trace (>= 5.23.1)
      Fake.IO.FileSystem (>= 5.23.1)
      FSharp.Core (>= 6.0)
      System.Collections.Immutable (>= 5.0)
    Fake.Core.String (6.0)
      FSharp.Core (>= 6.0.3)
    Fake.Core.Target (5.23.1)
      Fake.Core.CommandLineParsing (>= 5.23.1)
      Fake.Core.Context (>= 5.23.1)
      Fake.Core.Environment (>= 5.23.1)
      Fake.Core.FakeVar (>= 5.23.1)
      Fake.Core.Process (>= 5.23.1)
      Fake.Core.String (>= 5.23.1)
      Fake.Core.Trace (>= 5.23.1)
      FSharp.Control.Reactive (>= 5.0.2)
      FSharp.Core (>= 6.0)
    Fake.Core.Trace (6.0)
      Fake.Core.Environment (>= 6.0)
      Fake.Core.FakeVar (>= 6.0)
      FSharp.Core (>= 6.0.3)
    Fake.IO.FileSystem (5.23.1)
      Fake.Core.String (>= 5.23.1)
      FSharp.Core (>= 6.0)
    Farmer (1.8)
      FSharp.Core (>= 5.0)
      System.Text.Json (>= 5.0)
    Feliz (2.7)
      Fable.ReactDom.Types (>= 18.2)
      Feliz.CompilerPlugins (>= 2.2)
      FSharp.Core (>= 4.7.2)
    Feliz.CompilerPlugins (2.2)
      Fable.AST (>= 4.2.1)
      FSharp.Core (>= 4.7.2)
    FParsec (1.1.1)
      FSharp.Core (>= 4.3.4)
    FSharp.Control.Reactive (5.0.5)
      FSharp.Core (>= 4.7.2)
      System.Reactive (>= 5.0 < 6.0)
    FSharp.Control.Websockets (0.2.3)
      FSharp.Core (>= 6.0)
      Microsoft.IO.RecyclableMemoryStream (>= 2.2.1)
    FSharp.Core (8.0.100)
    Giraffe (6.2)
      FSharp.Core (>= 6.0)
      Giraffe.ViewEngine (>= 1.4)
      Microsoft.IO.RecyclableMemoryStream (>= 2.2.1)
      Newtonsoft.Json (>= 13.0.3)
      System.Text.Json (>= 7.0.3)
    Giraffe.ViewEngine (1.4)
      FSharp.Core (>= 5.0)
    Microsoft.AspNetCore.Authentication.JwtBearer (8.0)
      Microsoft.IdentityModel.Protocols.OpenIdConnect (>= 7.0.3)
    Microsoft.AspNetCore.Authentication.OpenIdConnect (8.0.1)
      Microsoft.IdentityModel.Protocols.OpenIdConnect (>= 7.1.2)
    Microsoft.AspNetCore.Cryptography.Internal (8.0.1)
    Microsoft.AspNetCore.DataProtection (8.0.1)
      Microsoft.AspNetCore.Cryptography.Internal (>= 8.0.1)
      Microsoft.AspNetCore.DataProtection.Abstractions (>= 8.0.1)
      Microsoft.Extensions.DependencyInjection.Abstractions (>= 8.0)
      Microsoft.Extensions.Hosting.Abstractions (>= 8.0)
      Microsoft.Extensions.Logging.Abstractions (>= 8.0)
      Microsoft.Extensions.Options (>= 8.0.1)
      System.Security.Cryptography.Xml (>= 8.0)
    Microsoft.AspNetCore.DataProtection.Abstractions (8.0.1)
    Microsoft.Bcl.AsyncInterfaces (8.0)
    Microsoft.Extensions.Caching.Abstractions (8.0)
      Microsoft.Extensions.Primitives (>= 8.0)
    Microsoft.Extensions.Caching.Memory (8.0)
      Microsoft.Extensions.Caching.Abstractions (>= 8.0)
      Microsoft.Extensions.DependencyInjection.Abstractions (>= 8.0)
      Microsoft.Extensions.Logging.Abstractions (>= 8.0)
      Microsoft.Extensions.Options (>= 8.0)
      Microsoft.Extensions.Primitives (>= 8.0)
    Microsoft.Extensions.Configuration (8.0)
      Microsoft.Extensions.Configuration.Abstractions (>= 8.0)
      Microsoft.Extensions.Primitives (>= 8.0)
    Microsoft.Extensions.Configuration.Abstractions (8.0)
      Microsoft.Extensions.Primitives (>= 8.0)
    Microsoft.Extensions.Configuration.Binder (8.0.1)
      Microsoft.Extensions.Configuration.Abstractions (>= 8.0)
    Microsoft.Extensions.DependencyInjection (8.0)
      Microsoft.Extensions.DependencyInjection.Abstractions (>= 8.0)
    Microsoft.Extensions.DependencyInjection.Abstractions (8.0)
    Microsoft.Extensions.Diagnostics (8.0)
      Microsoft.Extensions.Configuration (>= 8.0)
      Microsoft.Extensions.Diagnostics.Abstractions (>= 8.0)
      Microsoft.Extensions.Options.ConfigurationExtensions (>= 8.0)
    Microsoft.Extensions.Diagnostics.Abstractions (8.0)
      Microsoft.Extensions.DependencyInjection.Abstractions (>= 8.0)
      Microsoft.Extensions.Options (>= 8.0)
      System.Diagnostics.DiagnosticSource (>= 8.0)
    Microsoft.Extensions.FileProviders.Abstractions (8.0)
      Microsoft.Extensions.Primitives (>= 8.0)
    Microsoft.Extensions.Hosting.Abstractions (8.0)
      Microsoft.Extensions.Configuration.Abstractions (>= 8.0)
      Microsoft.Extensions.DependencyInjection.Abstractions (>= 8.0)
      Microsoft.Extensions.Diagnostics.Abstractions (>= 8.0)
      Microsoft.Extensions.FileProviders.Abstractions (>= 8.0)
      Microsoft.Extensions.Logging.Abstractions (>= 8.0)
    Microsoft.Extensions.Http (8.0)
      Microsoft.Extensions.Configuration.Abstractions (>= 8.0)
      Microsoft.Extensions.DependencyInjection.Abstractions (>= 8.0)
      Microsoft.Extensions.Diagnostics (>= 8.0)
      Microsoft.Extensions.Logging (>= 8.0)
      Microsoft.Extensions.Logging.Abstractions (>= 8.0)
      Microsoft.Extensions.Options (>= 8.0)
    Microsoft.Extensions.Logging (8.0)
      Microsoft.Extensions.DependencyInjection (>= 8.0)
      Microsoft.Extensions.Logging.Abstractions (>= 8.0)
      Microsoft.Extensions.Options (>= 8.0)
    Microsoft.Extensions.Logging.Abstractions (8.0)
      Microsoft.Extensions.DependencyInjection.Abstractions (>= 8.0)
    Microsoft.Extensions.Options (8.0.1)
      Microsoft.Extensions.DependencyInjection.Abstractions (>= 8.0)
      Microsoft.Extensions.Primitives (>= 8.0)
    Microsoft.Extensions.Options.ConfigurationExtensions (8.0)
      Microsoft.Extensions.Configuration.Abstractions (>= 8.0)
      Microsoft.Extensions.Configuration.Binder (>= 8.0)
      Microsoft.Extensions.DependencyInjection.Abstractions (>= 8.0)
      Microsoft.Extensions.Options (>= 8.0)
      Microsoft.Extensions.Primitives (>= 8.0)
    Microsoft.Extensions.Primitives (8.0)
    Microsoft.Identity.Abstractions (5.1)
    Microsoft.Identity.Client (4.58.1)
      Microsoft.IdentityModel.Abstractions (>= 6.22)
      System.Diagnostics.DiagnosticSource (>= 7.0.2)
    Microsoft.Identity.Client.Extensions.Msal (4.58.1)
      Microsoft.Identity.Client (>= 4.58.1)
      System.IO.FileSystem.AccessControl (>= 5.0)
      System.Security.Cryptography.ProtectedData (>= 4.5)
    Microsoft.Identity.Web (2.16.1)
      Microsoft.Extensions.Http (>= 3.1.3)
      Microsoft.Identity.Web.Certificate (>= 2.16.1)
      Microsoft.Identity.Web.Certificateless (>= 2.16.1)
      Microsoft.Identity.Web.TokenAcquisition (>= 2.16.1)
      Microsoft.Identity.Web.TokenCache (>= 2.16.1)
      Microsoft.IdentityModel.Protocols.OpenIdConnect (>= 7.1.2)
      Microsoft.IdentityModel.Validators (>= 7.1.2)
      System.IdentityModel.Tokens.Jwt (>= 7.1.2)
    Microsoft.Identity.Web.Certificate (2.16.1)
      Azure.Identity (>= 1.10.4)
      Azure.Security.KeyVault.Certificates (>= 4.5.1)
      Azure.Security.KeyVault.Secrets (>= 4.5)
      Microsoft.Identity.Abstractions (>= 5.1)
      Microsoft.Identity.Web.Certificateless (>= 2.16.1)
      Microsoft.Identity.Web.Diagnostics (>= 2.16.1)
    Microsoft.Identity.Web.Certificateless (2.16.1)
      Azure.Identity (>= 1.10.4)
      Microsoft.Extensions.Logging.Abstractions (>= 2.1)
      Microsoft.IdentityModel.JsonWebTokens (>= 6.35)
      System.Text.Encodings.Web (>= 4.7.2)
    Microsoft.Identity.Web.Diagnostics (2.16.1)
    Microsoft.Identity.Web.TokenAcquisition (2.16.1)
      Microsoft.AspNetCore.Authentication.JwtBearer (>= 8.0)
      Microsoft.AspNetCore.Authentication.OpenIdConnect (>= 8.0)
      Microsoft.Extensions.Http (>= 3.1.3)
      Microsoft.Extensions.Options.ConfigurationExtensions (>= 8.0)
      Microsoft.Identity.Abstractions (>= 5.1)
      Microsoft.Identity.Web.Certificate (>= 2.16.1)
      Microsoft.Identity.Web.Certificateless (>= 2.16.1)
      Microsoft.Identity.Web.TokenCache (>= 2.16.1)
      Microsoft.IdentityModel.Logging (>= 7.1.2)
      Microsoft.IdentityModel.LoggingExtensions (>= 7.1.2)
      Microsoft.IdentityModel.Protocols.OpenIdConnect (>= 7.1.2)
      System.IdentityModel.Tokens.Jwt (>= 7.1.2)
    Microsoft.Identity.Web.TokenCache (2.16.1)
      Microsoft.AspNetCore.DataProtection (>= 8.0)
      Microsoft.Extensions.Caching.Memory (>= 8.0)
      Microsoft.Extensions.Logging (>= 8.0)
      Microsoft.Identity.Client (>= 4.57)
      Microsoft.Identity.Web.Diagnostics (>= 2.16.1)
      System.Security.Cryptography.Pkcs (>= 8.0)
      System.Security.Cryptography.Xml (>= 8.0)
    Microsoft.IdentityModel.Abstractions (7.2)
    Microsoft.IdentityModel.JsonWebTokens (7.2)
      Microsoft.IdentityModel.Tokens (>= 7.2)
    Microsoft.IdentityModel.Logging (7.2)
      Microsoft.IdentityModel.Abstractions (>= 7.2)
    Microsoft.IdentityModel.LoggingExtensions (7.2)
      Microsoft.Extensions.Logging.Abstractions (>= 2.1.1)
      Microsoft.IdentityModel.Abstractions (>= 7.2)
    Microsoft.IdentityModel.Protocols (7.2)
      Microsoft.IdentityModel.Logging (>= 7.2)
      Microsoft.IdentityModel.Tokens (>= 7.2)
    Microsoft.IdentityModel.Protocols.OpenIdConnect (7.2)
      Microsoft.IdentityModel.Protocols (>= 7.2)
      System.IdentityModel.Tokens.Jwt (>= 7.2)
    Microsoft.IdentityModel.Tokens (7.2)
      Microsoft.IdentityModel.Logging (>= 7.2)
    Microsoft.IdentityModel.Validators (7.2)
      Microsoft.IdentityModel.Protocols (>= 7.2)
      Microsoft.IdentityModel.Protocols.OpenIdConnect (>= 7.2)
      Microsoft.IdentityModel.Tokens (>= 7.2)
      System.IdentityModel.Tokens.Jwt (>= 7.2)
    Microsoft.IO.RecyclableMemoryStream (2.3.2)
    Mono.Cecil (0.11.5)
    Newtonsoft.Json (13.0.3)
    Saturn (0.16.1)
      FSharp.Control.Websockets (>= 0.2.2)
      Giraffe (>= 6.0)
      Microsoft.AspNetCore.Authentication.JwtBearer (>= 6.0.3)
    System.Collections.Immutable (8.0)
    System.Diagnostics.DiagnosticSource (8.0)
    System.Formats.Asn1 (8.0)
    System.IdentityModel.Tokens.Jwt (7.2)
      Microsoft.IdentityModel.JsonWebTokens (>= 7.2)
      Microsoft.IdentityModel.Tokens (>= 7.2)
    System.IO.FileSystem.AccessControl (5.0)
      System.Security.AccessControl (>= 5.0)
      System.Security.Principal.Windows (>= 5.0)
    System.Memory (4.5.5)
    System.Memory.Data (8.0)
      System.Text.Json (>= 8.0)
    System.Numerics.Vectors (4.5)
    System.Reactive (5.0)
    System.Security.AccessControl (6.0)
    System.Security.Cryptography.Pkcs (8.0)
      System.Formats.Asn1 (>= 8.0)
    System.Security.Cryptography.ProtectedData (8.0)
    System.Security.Cryptography.Xml (8.0)
      System.Security.Cryptography.Pkcs (>= 8.0)
    System.Security.Principal.Windows (5.0)
    System.Text.Encodings.Web (8.0)
    System.Text.Json (8.0)
      System.Text.Encodings.Web (>= 8.0)
    System.Threading.Tasks.Extensions (4.5.4)
    Thoth.Json (10.2)
      Fable.Core (>= 3.6.2)
      FSharp.Core (>= 4.7.2)
